GEM
  remote: https://rubygems.org/
  specs:
    base64 (0.2.0)
    dotenv (3.1.4)
    event_stream_parser (1.0.0)
    faraday (2.12.0)
      faraday-net_http (>= 2.0, < 3.4)
      json
      logger
    faraday-multipart (1.0.4)
      multipart-post (~> 2)
    faraday-net_http (3.3.0)
      net-http
    json (2.8.1)
    logger (1.6.1)
    multipart-post (2.4.1)
    mustermann (3.0.3)
      ruby2_keywords (~> 0.0.1)
    net-http (0.5.0)
      uri
    nio4r (2.7.4)
    puma (6.4.3)
      nio4r (~> 2.0)
    rack (3.1.8)
    rack-protection (4.0.0)
      base64 (>= 0.1.0)
      rack (>= 3.0.0, < 4)
    rack-session (2.0.0)
      rack (>= 3.0.0)
    rackup (2.2.0)
      rack (>= 3)
    ruby-openai (7.3.1)
      event_stream_parser (>= 0.3.0, < 2.0.0)
      faraday (>= 1)
      faraday-multipart (>= 1)
    ruby2_keywords (0.0.5)
    sinatra (4.0.0)
      mustermann (~> 3.0)
      rack (>= 3.0.0, < 4)
      rack-protection (= 4.0.0)
      rack-session (>= 2.0.0, < 3)
      tilt (~> 2.0)
    tilt (2.4.0)
    uri (1.0.1)

PLATFORMS
  ruby
  x86_64-darwin-21

DEPENDENCIES
  dotenv
  puma
  rackup (~> 2.2)
  ruby-openai
  sinatra

BUNDLED WITH
   2.5.23
